PATH
  remote: .
  specs:
    ouija (0.1.0)

GEM
  remote: http://rubygems.org/
  specs:
    gem-release (0.3.1)

PLATFORMS
  ruby

DEPENDENCIES
  gem-release (~> 0.3.1)
  ouija!
